GEM
  remote: https://rubygems.org/
  specs:
    bcrypt (3.1.13)
    ffi (1.10.0)
    ffi (1.10.0-x64-mingw32)
    listen (3.1.5)
      rb-fsevent (~> 0.9, >= 0.9.4)
      rb-inotify (~> 0.9, >= 0.9.7)
      ruby_dep (~> 1.2)
    mustermann (1.0.3)
    rack (2.2.3)
    rack-protection (2.0.7)
      rack
    rb-fsevent (0.10.3)
    rb-inotify (0.10.0)
      ffi (~> 1.0)
    rerun (0.13.0)
      listen (~> 3.0)
    ruby_dep (1.5.0)
    sinatra (2.0.7)
      mustermann (~> 1.0)
      rack (~> 2.0)
      rack-protection (= 2.0.7)
      tilt (~> 2.0)
    slim (4.0.1)
      temple (>= 0.7.6, < 0.9)
      tilt (>= 2.0.6, < 2.1)
    sqlite3 (1.4.1)
    temple (0.8.2)
    tilt (2.0.10)

PLATFORMS
  ruby
  x64-mingw32

DEPENDENCIES
  bcrypt
  rerun
  sinatra
  slim
  sqlite3

BUNDLED WITH
   1.16.6
